GEM
  remote: https://rubygems.org/
  specs:
    activesupport (4.0.13)
      i18n (~> 0.6, >= 0.6.9)
      minitest (~> 4.2)
      multi_json (~> 1.3)
      thread_safe (~> 0.1)
      tzinfo (~> 0.3.37)
    fastercsv (1.5.5)
    i18n (0.7.0)
    minitest (4.7.5)
    multi_json (1.11.0)
    thread_safe (0.3.5)
    tzinfo (0.3.43)

PLATFORMS
  ruby

DEPENDENCIES
  activesupport (= 4.0.13)
  fastercsv (>= 1.2.3)
