PATH
  remote: .
  specs:
    activemdb (0.2.5)
      activesupport (~> 5.0.0)
      fastercsv (>= 1.2.3)

GEM
  remote: https://rubygems.org/
  specs:
    activesupport (5.0.0)
      concurrent-ruby (~> 1.0, >= 1.0.2)
      i18n (~> 0.7)
      minitest (~> 5.1)
      tzinfo (~> 1.1)
    allison (2.0.3)
    concurrent-ruby (1.0.5)
    echoe (4.6.6)
      allison (>= 2.0.3)
      rake (>= 0.9.2)
      rdoc (>= 2.5.11)
      rubyforge (>= 2.0.4)
    fastercsv (1.5.5)
    i18n (0.9.1)
      concurrent-ruby (~> 1.0)
    json_pure (2.1.0)
    minitest (5.10.3)
    power_assert (0.2.6)
    rake (12.3.0)
    rdoc (5.1.0)
    rubyforge (2.0.4)
      json_pure (>= 1.1.7)
    test-unit (3.1.5)
      power_assert
    thread_safe (0.3.6)
    tzinfo (1.2.4)
      thread_safe (~> 0.1)

PLATFORMS
  ruby

DEPENDENCIES
  activemdb!
  activesupport (~> 5.0.0)
  echoe
  fastercsv (>= 1.2.3)
  rake
  test-unit

BUNDLED WITH
   1.16.0
