GEM
  remote: https://rubygems.org/
  specs:
    activesupport (5.0.0)
      concurrent-ruby (~> 1.0, >= 1.0.2)
      i18n (~> 0.7)
      minitest (~> 5.1)
      tzinfo (~> 1.1)
    concurrent-ruby (1.0.5)
    fastercsv (1.5.5)
    i18n (0.9.1)
      concurrent-ruby (~> 1.0)
    minitest (5.10.3)
    thread_safe (0.3.6)
    tzinfo (1.2.4)
      thread_safe (~> 0.1)

PLATFORMS
  ruby

DEPENDENCIES
  activesupport (= 5.0.0)
  fastercsv (>= 1.2.3)

BUNDLED WITH
   1.16.0
